PATH
  remote: .
  specs:
    akashic (0.1.0)
      colorize
      ruby-openai
      thor
      tty-prompt

GEM
  remote: https://rubygems.org/
  specs:
    colorize (1.1.0)
    diff-lcs (1.5.1)
    event_stream_parser (1.0.0)
    faraday (2.12.0)
      faraday-net_http (>= 2.0, < 3.4)
      json
      logger
    faraday-multipart (1.0.4)
      multipart-post (~> 2)
    faraday-net_http (3.3.0)
      net-http
    json (2.7.4)
    logger (1.6.1)
    multipart-post (2.4.1)
    net-http (0.4.1)
      uri
    pastel (0.8.0)
      tty-color (~> 0.5)
    rake (13.2.1)
    rspec (3.13.0)
      rspec-core (~> 3.13.0)
      rspec-expectations (~> 3.13.0)
      rspec-mocks (~> 3.13.0)
    rspec-core (3.13.2)
      rspec-support (~> 3.13.0)
    rspec-expectations (3.13.3)
      diff-lcs (>= 1.2.0, < 2.0)
      rspec-support (~> 3.13.0)
    rspec-mocks (3.13.2)
      diff-lcs (>= 1.2.0, < 2.0)
      rspec-support (~> 3.13.0)
    rspec-support (3.13.1)
    ruby-openai (7.3.1)
      event_stream_parser (>= 0.3.0, < 2.0.0)
      faraday (>= 1)
      faraday-multipart (>= 1)
    thor (1.3.2)
    tty-color (0.6.0)
    tty-cursor (0.7.1)
    tty-prompt (0.23.1)
      pastel (~> 0.8)
      tty-reader (~> 0.8)
    tty-reader (0.9.0)
      tty-cursor (~> 0.7)
      tty-screen (~> 0.8)
      wisper (~> 2.0)
    tty-screen (0.8.2)
    uri (0.13.1)
    wisper (2.0.1)

PLATFORMS
  arm64-darwin-23
  ruby

DEPENDENCIES
  akashic!
  bundler
  rake
  rspec

BUNDLED WITH
   2.5.22
